GIT
  remote: git://github.com/opscode/omnibus-software.git
  revision: 0569437f7952e4470979385501f95797863b54a4
  ref: omnibus/3.2-stable
  specs:
    omnibus-software (3.0.0)

GEM
  remote: https://rubygems.org/
  specs:
    addressable (2.3.8)
    arr-pm (0.0.10)
      cabin (> 0)
    artifactory (2.8.2)
    ast (2.4.0)
    backports (3.11.1)
    buff-extensions (1.0.0)
    buff-ignore (1.1.1)
    cabin (0.9.0)
    chef-sugar (1.3.0)
    childprocess (0.9.0)
      ffi (~> 1.0, >= 1.0.11)
    clamp (0.6.5)
    dep-selector-libgecode (1.3.1)
    dep_selector (1.0.3)
      dep-selector-libgecode (~> 1.0)
      ffi (~> 1.9)
    ffi (1.9.23)
    ffi-yajl (1.4.0)
      ffi (~> 1.5)
      libyajl2 (~> 1.2)
    fpm (0.4.42)
      arr-pm (~> 0.0.8)
      backports (>= 2.6.2)
      cabin (>= 0.6.0)
      childprocess
      clamp (~> 0.6)
      ftw (~> 0.0.30)
      json (>= 1.7.7)
    ftw (0.0.48)
      addressable (~> 2.3.8)
      backports (>= 2.6.2)
      cabin (> 0)
      http_parser.rb (~> 0.6)
    hashie (2.1.2)
    http_parser.rb (0.6.0)
    ipaddress (0.8.3)
    json (1.8.6)
    libyajl2 (1.2.0)
    mime-types (1.25.1)
    mixlib-cli (1.7.0)
    mixlib-config (2.2.4)
    mixlib-install (2.1.12)
      artifactory
      mixlib-shellout
      mixlib-versioning
      thor
    mixlib-log (1.7.1)
    mixlib-shellout (1.6.1)
    mixlib-versioning (1.2.2)
    net-scp (1.2.1)
      net-ssh (>= 2.6.5)
    net-ssh (2.9.4)
    net-ssh-gateway (1.3.0)
      net-ssh (>= 2.6.5)
    nio4r (1.2.1)
    ohai (7.4.1)
      ffi (~> 1.9)
      ffi-yajl (~> 1.1)
      ipaddress
      mime-types (~> 1.16)
      mixlib-cli
      mixlib-config (~> 2.0)
      mixlib-log
      mixlib-shellout (~> 1.2)
      systemu (~> 2.6.4)
      wmi-lite (~> 1.0)
    omnibus (3.2.2)
      chef-sugar (~> 1.2)
      fpm (~> 0.4)
      mixlib-shellout (~> 1.4)
      ohai (~> 7.2)
      thor (~> 0.18)
      uber-s3
    parser (2.4.0.2)
      ast (~> 2.3)
    powerpack (0.1.1)
    rainbow (2.2.2)
      rake
    rake (12.2.1)
    rubocop (0.41.2)
      parser (>= 2.3.1.1, < 3.0)
      powerpack (~> 0.1)
      rainbow (>= 1.99.1, < 3.0)
      ruby-progressbar (~> 1.7)
      unicode-display_width (~> 1.0, >= 1.0.1)
    ruby-progressbar (1.9.0)
    safe_yaml (1.0.4)
    systemu (2.6.5)
    test-kitchen (1.16.0)
      mixlib-install (>= 1.2, < 3.0)
      mixlib-shellout (>= 1.2, < 3.0)
      net-scp (~> 1.1)
      net-ssh (>= 2.9, < 5.0)
      net-ssh-gateway (~> 1.2)
      safe_yaml (~> 1.0)
      thor (~> 0.19, < 0.19.2)
    thor (0.19.1)
    uber-s3 (0.2.4)
      mime-types (~> 1.17)
    unicode-display_width (1.3.0)
    varia_model (0.4.1)
      buff-extensions (~> 1.0)
      hashie (>= 2.0.2, < 4.0.0)
    wmi-lite (1.0.0)

PLATFORMS
  ruby

DEPENDENCIES
  buff-ignore (< 1.2)
  dep_selector (< 1.0.4)
  hashie (< 3.0)
  json (< 2.0)
  net-ssh (~> 2.6)
  nio4r (< 2.0)
  omnibus (~> 3.1)
  omnibus-software!
  rake
  rubocop
  test-kitchen (~> 1.2)
  varia_model (< 0.5)

BUNDLED WITH
   1.16.1
